GEM
  remote: https://rubygems.org/
  specs:
    powerpoint (1.5)
      rubyzip (~> 1)
    rubyzip (1.1.7)

PLATFORMS
  ruby

DEPENDENCIES
  powerpoint
